GEM
  remote: https://rubygems.org/
  specs:
    commander (4.4.0)
      highline (~> 1.7.2)
    highline (1.7.8)
    httpclient (2.8.2.3)
    multi_json (1.12.1)
    pusher (1.3.0)
      httpclient (~> 2.7)
      multi_json (~> 1.0)
      pusher-signature (~> 0.1.8)
    pusher-hackathon (0.1.3)
      commander (>= 4.2.1)
      pusher (>= 0.14)
      sinatra (>= 1.4.6)
    pusher-signature (0.1.8)
    rack (1.6.4)
    rack-protection (1.5.3)
      rack
    sinatra (1.4.7)
      rack (~> 1.5)
      rack-protection (~> 1.4)
      tilt (>= 1.3, < 3)
    tilt (2.0.5)

PLATFORMS
  ruby

DEPENDENCIES
  pusher-hackathon

BUNDLED WITH
   1.12.5
